PATH
  remote: ../..
  specs:
    rabbit_feed (3.0.3)
      activemodel (>= 3.2.0, < 6.0.0)
      activesupport (>= 3.2.0, < 6.0.0)
      avro (>= 1.5.4, < 1.9.0)
      bunny (>= 2.0.0, < 2.7.0)
      pidfile (~> 0.3)

GEM
  remote: https://rubygems.org/
  specs:
    activemodel (5.1.0)
      activesupport (= 5.1.0)
    activesupport (5.1.0)
      concurrent-ruby (~> 1.0, >= 1.0.2)
      i18n (~> 0.7)
      minitest (~> 5.1)
      tzinfo (~> 1.1)
    amq-protocol (2.2.0)
    avro (1.8.1)
      multi_json
    bunny (2.6.6)
      amq-protocol (>= 2.1.0)
    concurrent-ruby (1.0.5)
    diff-lcs (1.3)
    i18n (0.8.1)
    minitest (5.10.2)
    multi_json (1.12.1)
    pidfile (0.3.0)
    rake (12.0.0)
    rspec (3.6.0)
      rspec-core (~> 3.6.0)
      rspec-expectations (~> 3.6.0)
      rspec-mocks (~> 3.6.0)
    rspec-core (3.6.0)
      rspec-support (~> 3.6.0)
    rspec-expectations (3.6.0)
      diff-lcs (>= 1.2.0, < 2.0)
      rspec-support (~> 3.6.0)
    rspec-mocks (3.6.0)
      diff-lcs (>= 1.2.0, < 2.0)
      rspec-support (~> 3.6.0)
    rspec-support (3.6.0)
    thread_safe (0.3.6)
    tzinfo (1.2.3)
      thread_safe (~> 0.1)

PLATFORMS
  ruby

DEPENDENCIES
  rabbit_feed!
  rake
  rspec

BUNDLED WITH
   1.14.6
