PATH
  remote: ../../
  specs:
    rabbit_feed (2.1.3)
      activemodel (>= 3.2.0, < 5.0.0)
      activesupport (>= 3.2.0, < 5.0.0)
      avro (>= 1.5.4, < 1.8.0)
      bunny (>= 1.1.9, < 2.1.0)
      connection_pool (< 2.2.0)
      pidfile

GEM
  remote: https://rubygems.org/
  specs:
    activemodel (4.2.3)
      activesupport (= 4.2.3)
      builder (~> 3.1)
    activesupport (4.2.3)
      i18n (~> 0.7)
      json (~> 1.7, >= 1.7.7)
      minitest (~> 5.1)
      thread_safe (~> 0.3, >= 0.3.4)
      tzinfo (~> 1.1)
    amq-protocol (1.9.2)
    avro (1.7.7)
      multi_json
    builder (3.2.2)
    bunny (2.0.0.rc2)
      amq-protocol (>= 1.9.2)
    connection_pool (2.1.3)
    diff-lcs (1.2.5)
    i18n (0.7.0)
    json (1.8.3)
    minitest (5.7.0)
    multi_json (1.11.1)
    pidfile (0.3.0)
    rake (10.4.2)
    rspec (3.2.0)
      rspec-core (~> 3.2.0)
      rspec-expectations (~> 3.2.0)
      rspec-mocks (~> 3.2.0)
    rspec-core (3.2.0)
      rspec-support (~> 3.2.0)
    rspec-expectations (3.2.0)
      diff-lcs (>= 1.2.0, < 2.0)
      rspec-support (~> 3.2.0)
    rspec-mocks (3.2.0)
      diff-lcs (>= 1.2.0, < 2.0)
      rspec-support (~> 3.2.0)
    rspec-support (3.2.1)
    thread_safe (0.3.5)
    tzinfo (1.2.2)
      thread_safe (~> 0.1)

PLATFORMS
  ruby

DEPENDENCIES
  rabbit_feed!
  rake
  rspec

BUNDLED WITH
   1.10.5
