PATH
  remote: ../../
  specs:
    rabbit_feed (2.4.4)
      activemodel (>= 3.2.0, < 6.0.0)
      activesupport (>= 3.2.0, < 6.0.0)
      avro (>= 1.5.4, < 1.8.0)
      bunny (>= 2.0.0, < 2.1.0)
      pidfile

GEM
  remote: https://rubygems.org/
  specs:
    activemodel (5.0.1)
      activesupport (= 5.0.1)
    activesupport (5.0.1)
      concurrent-ruby (~> 1.0, >= 1.0.2)
      i18n (~> 0.7)
      minitest (~> 5.1)
      tzinfo (~> 1.1)
    amq-protocol (2.0.1)
    avro (1.7.7)
      multi_json
    bunny (2.0.1)
      amq-protocol (>= 1.9.2)
    concurrent-ruby (1.0.4)
    diff-lcs (1.2.5)
    i18n (0.7.0)
    minitest (5.10.1)
    multi_json (1.12.1)
    pidfile (0.3.0)
    rake (10.4.2)
    rspec (3.2.0)
      rspec-core (~> 3.2.0)
      rspec-expectations (~> 3.2.0)
      rspec-mocks (~> 3.2.0)
    rspec-core (3.2.0)
      rspec-support (~> 3.2.0)
    rspec-expectations (3.2.0)
      diff-lcs (>= 1.2.0, < 2.0)
      rspec-support (~> 3.2.0)
    rspec-mocks (3.2.0)
      diff-lcs (>= 1.2.0, < 2.0)
      rspec-support (~> 3.2.0)
    rspec-support (3.2.1)
    thread_safe (0.3.5)
    tzinfo (1.2.2)
      thread_safe (~> 0.1)

PLATFORMS
  ruby

DEPENDENCIES
  rabbit_feed!
  rake
  rspec

BUNDLED WITH
   1.13.7
